PATH
  remote: .
  specs:
    fast_activesupport (0.1.0)

GEM
  remote: https://rubygems.org/
  specs:
    benchmark-ips (2.7.2)
    diff-lcs (1.3)
    rake (10.5.0)
    rake-compiler (1.0.4)
      rake
    rspec (3.7.0)
      rspec-core (~> 3.7.0)
      rspec-expectations (~> 3.7.0)
      rspec-mocks (~> 3.7.0)
    rspec-core (3.7.1)
      rspec-support (~> 3.7.0)
    rspec-expectations (3.7.0)
      diff-lcs (>= 1.2.0, < 2.0)
      rspec-support (~> 3.7.0)
    rspec-mocks (3.7.0)
      diff-lcs (>= 1.2.0, < 2.0)
      rspec-support (~> 3.7.0)
    rspec-support (3.7.1)

PLATFORMS
  ruby

DEPENDENCIES
  benchmark-ips
  bundler (~> 1.16)
  fast_activesupport!
  rake (~> 10.0)
  rake-compiler
  rspec (~> 3.0)

BUNDLED WITH
   1.16.1
